PATH
  remote: .
  specs:
    rack-eval (0.1.0)
      rack (>= 3.0.0)

GEM
  remote: https://rubygems.org/
  specs:
    minitest (5.22.3)
    rack (3.0.9.1)
    rack-test (2.1.0)
      rack (>= 1.3)

PLATFORMS
  arm64-darwin-23
  ruby

DEPENDENCIES
  minitest
  rack-eval!
  rack-test

BUNDLED WITH
   2.5.6
